GIT
  remote: git://github.com/illoyd/phony.git
  revision: c1546f753b08eb53fff08bffa5a5627d8e1f08a1
  specs:
    phony (2.0.0.beta7)

GIT
  remote: git://github.com/stouset/twitter_bootstrap_form_for.git
  revision: 8d58185ad47065809a5631ba871b41d77e30ee12
  branch: bootstrap-2.0
  specs:
    twitter_bootstrap_form_for (2.0.1.0.rc1)
      actionpack (>= 3)
      railties (>= 3)

GEM
  remote: https://rubygems.org/
  specs:
    ZenTest (4.4.2)
    actionmailer (3.2.13)
      actionpack (= 3.2.13)
      mail (~> 2.5.3)
    actionpack (3.2.13)
      activemodel (= 3.2.13)
      activesupport (= 3.2.13)
      builder (~> 3.0.0)
      erubis (~> 2.7.0)
      journey (~> 1.0.4)
      rack (~> 1.4.5)
      rack-cache (~> 1.2)
      rack-test (~> 0.6.1)
      sprockets (~> 2.2.1)
    active_model_serializers (0.8.1)
      activemodel (>= 3.0)
    activemodel (3.2.13)
      activesupport (= 3.2.13)
      builder (~> 3.0.0)
    activerecord (3.2.13)
      activemodel (= 3.2.13)
      activesupport (= 3.2.13)
      arel (~> 3.0.2)
      tzinfo (~> 0.3.29)
    activeresource (3.2.13)
      activemodel (= 3.2.13)
      activesupport (= 3.2.13)
    activesupport (3.2.13)
      i18n (= 0.6.1)
      multi_json (~> 1.0)
    addressable (2.3.5)
    api_smith (1.3.0)
      hashie (>= 1.0, < 3.0)
      httparty
    arel (3.0.2)
    attr_encryptor (2.0.0)
      encryptor2 (>= 1.0.0)
    autotest-rails (4.1.0)
      ZenTest
    bcrypt-ruby (3.1.2)
    builder (3.0.4)
    cancan (1.6.10)
    celluloid (0.15.1)
      timers (~> 1.1.0)
    coffee-rails (3.2.2)
      coffee-script (>= 2.2.0)
      railties (~> 3.2.0)
    coffee-script (2.2.0)
      coffee-script-source
      execjs
    coffee-script-source (1.6.3)
    commonjs (0.2.7)
    connection_pool (1.1.0)
    countries (0.9.2)
      currencies (>= 0.4.0)
    country_select (1.2.0)
    crack (0.4.1)
      safe_yaml (~> 0.9.0)
    currencies (0.4.2)
    devise (3.0.3)
      bcrypt-ruby (~> 3.0)
      orm_adapter (~> 0.1)
      railties (>= 3.2.6, < 5)
      warden (~> 1.2.3)
    devise-async (0.8.0)
      devise (>= 2.2, < 3.2)
    devise_invitable (1.1.8)
      actionmailer (~> 3.0)
      devise (>= 2.1.2)
      railties (~> 3.0)
    diff-lcs (1.2.4)
    encryptor2 (1.0.0)
    erubis (2.7.0)
    execjs (2.0.1)
    factory_girl (4.2.0)
      activesupport (>= 3.0.0)
    faraday (0.8.8)
      multipart-post (~> 1.2.0)
    fuubar (1.2.1)
      rspec (~> 2.0)
      rspec-instafail (~> 0.2.0)
      ruby-progressbar (~> 1.0)
    haml (4.0.3)
      tilt
    hashie (2.0.5)
    hike (1.2.3)
    httparty (0.11.0)
      multi_json (~> 1.0)
      multi_xml (>= 0.5.2)
    httpauth (0.2.0)
    i18n (0.6.1)
    journey (1.0.4)
    jquery-rails (3.0.4)
      railties (>= 3.0, < 5.0)
      thor (>= 0.14, < 2.0)
    json (1.8.0)
    jwt (0.1.8)
      multi_json (>= 1.5)
    kaminari (0.14.1)
      actionpack (>= 3.0.0)
      activesupport (>= 3.0.0)
    kgio (2.8.1)
    less (2.4.0)
      commonjs (~> 0.2.7)
    less-rails (2.4.2)
      actionpack (>= 3.1)
      less (~> 2.4.0)
    libv8 (3.16.14.3)
    lograge (0.2.2)
      actionpack (>= 3)
      activesupport (>= 3)
      railties (>= 3)
    mail (2.5.4)
      mime-types (~> 1.16)
      treetop (~> 1.4.8)
    mime-types (1.25)
    multi_json (1.8.0)
    multi_xml (0.5.5)
    multipart-post (1.2.0)
    newrelic_rpm (3.6.7.152)
    oauth2 (0.8.1)
      faraday (~> 0.8)
      httpauth (~> 0.1)
      jwt (~> 0.1.4)
      multi_json (~> 1.0)
      rack (~> 1.2)
    omniauth (1.1.4)
      hashie (>= 1.2, < 3)
      rack
    omniauth-google-oauth2 (0.2.1)
      omniauth (~> 1.0)
      omniauth-oauth2
    omniauth-oauth2 (1.1.1)
      oauth2 (~> 0.8.0)
      omniauth (~> 1.0)
    orm_adapter (0.4.0)
    pg (0.17.0)
    polyglot (0.3.3)
    rack (1.4.5)
    rack-cache (1.2)
      rack (>= 0.4)
    rack-protection (1.5.0)
      rack
    rack-ssl (1.3.3)
      rack
    rack-test (0.6.2)
      rack (>= 1.0)
    rails (3.2.13)
      actionmailer (= 3.2.13)
      actionpack (= 3.2.13)
      activerecord (= 3.2.13)
      activeresource (= 3.2.13)
      activesupport (= 3.2.13)
      bundler (~> 1.0)
      railties (= 3.2.13)
    railties (3.2.13)
      actionpack (= 3.2.13)
      activesupport (= 3.2.13)
      rack-ssl (~> 1.3.2)
      rake (>= 0.8.7)
      rdoc (~> 3.4)
      thor (>= 0.14.6, < 2.0)
    raindrops (0.12.0)
    rake (10.1.0)
    rdoc (3.12.2)
      json (~> 1.4)
    redis (3.0.4)
    redis-namespace (1.3.1)
      redis (~> 3.0.0)
    ref (1.0.5)
    rspec (2.14.1)
      rspec-core (~> 2.14.0)
      rspec-expectations (~> 2.14.0)
      rspec-mocks (~> 2.14.0)
    rspec-core (2.14.5)
    rspec-expectations (2.14.2)
      diff-lcs (>= 1.1.3, < 2.0)
    rspec-instafail (0.2.4)
    rspec-mocks (2.14.3)
    rspec-rails (2.14.0)
      actionpack (>= 3.0)
      activesupport (>= 3.0)
      railties (>= 3.0)
      rspec-core (~> 2.14.0)
      rspec-expectations (~> 2.14.0)
      rspec-mocks (~> 2.14.0)
    rspec-sidekiq (0.5.1)
      rspec (~> 2.0)
      sidekiq (>= 2.4.0)
    ruby-freshbooks (0.4.1)
      builder (>= 2.1.2)
      httparty (>= 0.5.0)
    ruby-progressbar (1.2.0)
    safe_yaml (0.9.7)
    sass (3.2.10)
    sass-rails (3.2.6)
      railties (~> 3.2.0)
      sass (>= 3.1.10)
      tilt (~> 1.3)
    shoulda-matchers (2.3.0)
      activesupport (>= 3.0.0)
    sidekiq (2.14.1)
      celluloid (>= 0.14.1)
      connection_pool (>= 1.0.0)
      json
      redis (>= 3.0.4)
      redis-namespace (>= 1.3.1)
    simplecov (0.7.1)
      multi_json (~> 1.0)
      simplecov-html (~> 0.7.1)
    simplecov-html (0.7.1)
    sinatra (1.4.3)
      rack (~> 1.4)
      rack-protection (~> 1.4)
      tilt (~> 1.3, >= 1.3.4)
    sprockets (2.2.2)
      hike (~> 1.2)
      multi_json (~> 1.0)
      rack (~> 1.0)
      tilt (~> 1.1, != 1.3.0)
    stringex (2.1.0)
    strong_parameters (0.2.1)
      actionpack (~> 3.0)
      activemodel (~> 3.0)
      railties (~> 3.0)
    therubyracer (0.12.0)
      libv8 (~> 3.16.14.0)
      ref
    thor (0.18.1)
    tilt (1.4.1)
    timers (1.1.0)
    treetop (1.4.15)
      polyglot
      polyglot (>= 0.3.1)
    twilio-ruby (3.11.1)
      builder (>= 2.1.2)
      jwt (>= 0.1.2)
      multi_json (>= 1.3.0)
    twitter-bootstrap-rails (2.2.8)
      actionpack (>= 3.1)
      execjs
      rails (>= 3.1)
      railties (>= 3.1)
    tzinfo (0.3.37)
    uglifier (2.2.1)
      execjs (>= 0.3.0)
      multi_json (~> 1.0, >= 1.0.2)
    unicorn (4.6.3)
      kgio (~> 2.6)
      rack
      raindrops (~> 0.7)
    vcr (2.5.0)
    warden (1.2.3)
      rack (>= 1.0)
    webmock (1.11.0)
      addressable (>= 2.2.7)
      crack (>= 0.3.2)
    workflow (1.0.0)

PLATFORMS
  ruby

DEPENDENCIES
  ZenTest (~> 4.4.2)
  active_model_serializers
  api_smith
  attr_encryptor (~> 2.0.0)
  autotest-rails (~> 4.1.0)
  cancan
  coffee-rails (~> 3.2.1)
  countries
  country_select
  devise (~> 3.0.0)
  devise-async
  devise_invitable
  factory_girl
  fuubar
  haml
  httparty
  jquery-rails
  kaminari
  less-rails
  lograge
  newrelic_rpm
  omniauth
  omniauth-google-oauth2
  pg
  phony!
  rails (= 3.2.13)
  rspec-rails (~> 2.0)
  rspec-sidekiq
  ruby-freshbooks
  sass-rails (~> 3.2.3)
  shoulda-matchers
  sidekiq
  simplecov
  sinatra (>= 1.3.0)
  stringex
  strong_parameters
  therubyracer
  twilio-ruby
  twitter-bootstrap-rails
  twitter_bootstrap_form_for!
  uglifier (>= 1.0.3)
  unicorn
  vcr
  webmock (~> 1.11.0)
  workflow
